PATH
  remote: .
  specs:
    starkinfra (0.2.0)
      starkcore (~> 0.0.1)

GEM
  remote: https://rubygems.org/
  specs:
    ast (2.4.0)
    minitest (5.14.4)
    parallel (1.19.1)
    parser (2.7.1.0)
      ast (~> 2.4.0)
    rainbow (3.0.0)
    rake (13.0.1)
    regexp_parser (2.6.1)
    rexml (3.2.5)
    rubocop (0.86.0)
      parallel (~> 1.10)
      parser (>= 2.7.0.1)
      rainbow (>= 2.2.2, < 4.0)
      regexp_parser (>= 1.7)
      rexml
      rubocop-ast (>= 0.0.3, < 1.0)
      ruby-progressbar (~> 1.7)
      unicode-display_width (>= 1.4.0, < 2.0)
    rubocop-ast (0.2.0)
      parser (>= 2.7.0.1)
    ruby-progressbar (1.11.0)
    starkbank-ecdsa (2.0.0)
    starkcore (0.0.1)
      starkbank-ecdsa (~> 2.0.0)
    unicode-display_width (1.7.0)

PLATFORMS
  ruby

DEPENDENCIES
  minitest (~> 5.14.4)
  rake (~> 13.0)
  rubocop (~> 0.81)
  starkinfra!

BUNDLED WITH
   2.4.1
